GEM
  remote: https://rubygems.org/
  specs:
    byebug (11.1.3)
    pg (1.2.3)

PLATFORMS
  x86_64-linux

DEPENDENCIES
  byebug
  pg

BUNDLED WITH
   2.2.29
